GEM
  remote: http://rubygems.org/
  specs:
    RedCloth (4.2.3)
    actionmailer (2.3.5)
      actionpack (= 2.3.5)
    actionpack (2.3.5)
      activesupport (= 2.3.5)
      rack (~> 1.0.0)
    activerecord (2.3.5)
      activesupport (= 2.3.5)
    activeresource (2.3.5)
      activesupport (= 2.3.5)
    activesupport (2.3.5)
    acts_as_list (0.1.2)
    authlogic (2.1.6)
      activesupport
    cgi_multipart_eof_fix (2.5.0)
    daemons (1.1.0)
    fastercsv (1.5.3)
    fastthread (1.0.7)
    gem_plugin (0.2.3)
    haml (3.0.17)
    hoptoad_notifier (2.3.5)
      activesupport
    htmlentities (4.2.1)
    mongrel (1.1.5)
      cgi_multipart_eof_fix (>= 2.4)
      daemons (>= 1.0.3)
      fastthread (>= 1.0.1)
      gem_plugin (>= 0.2.3)
    mysql (2.8.1)
    paperclip (2.3.3)
      activerecord
      activesupport
    proxies (0.1.1)
    rack (1.0.1)
    rails (2.3.5)
      actionmailer (= 2.3.5)
      actionpack (= 2.3.5)
      activerecord (= 2.3.5)
      activeresource (= 2.3.5)
      activesupport (= 2.3.5)
      rake (>= 0.8.3)
    rake (13.0.1)
    rspec (1.3.0)
    rspec-rails (1.3.2)
      rack (>= 1.0.0)
      rspec (>= 1.3.0)
    s3 (0.3.0)
      proxies
      trollop
    searchlogic (2.4.23)
      activerecord (>= 2.0.0)
    trollop (1.16.2)
    unicode (0.3.1)
    will_paginate (2.3.14)

PLATFORMS
  ruby

DEPENDENCIES
  RedCloth
  acts_as_list
  authlogic
  fastercsv
  haml
  hoptoad_notifier
  htmlentities
  mongrel
  mysql
  paperclip
  rails (= 2.3.5)
  rspec (= 1.3.0)
  rspec-rails (= 1.3.2)
  s3
  searchlogic
  unicode
  will_paginate
